GEM
  remote: https://rubygems.org/
  specs:
    addressable (2.8.7)
      public_suffix (>= 2.0.2, < 7.0)
    bigdecimal (3.1.8)
    colorator (1.1.0)
    concurrent-ruby (1.3.4)
    em-websocket (0.5.3)
      eventmachine (>= 0.12.9)
      http_parser.rb (~> 0)
    eventmachine (1.2.7)
    ffi (1.17.1)
    ffi (1.17.1-aarch64-linux-gnu)
    ffi (1.17.1-aarch64-linux-musl)
    ffi (1.17.1-arm-linux-gnu)
    ffi (1.17.1-arm-linux-musl)
    ffi (1.17.1-arm64-darwin)
    ffi (1.17.1-x86-linux-gnu)
    ffi (1.17.1-x86-linux-musl)
    ffi (1.17.1-x86_64-darwin)
    ffi (1.17.1-x86_64-linux-gnu)
    ffi (1.17.1-x86_64-linux-musl)
    forwardable-extended (2.6.0)
    google-protobuf (4.29.2)
      bigdecimal
      rake (>= 13)
    google-protobuf (4.29.2-aarch64-linux)
      bigdecimal
      rake (>= 13)
    google-protobuf (4.29.2-arm64-darwin)
      bigdecimal
      rake (>= 13)
    google-protobuf (4.29.2-x86-linux)
      bigdecimal
      rake (>= 13)
    google-protobuf (4.29.2-x86_64-darwin)
      bigdecimal
      rake (>= 13)
    google-protobuf (4.29.2-x86_64-linux)
      bigdecimal
      rake (>= 13)
    http_parser.rb (0.8.0)
    i18n (1.14.6)
      concurrent-ruby (~> 1.0)
    jekyll (4.3.4)
      addressable (~> 2.4)
      colorator (~> 1.0)
      em-websocket (~> 0.5)
      i18n (~> 1.0)
      jekyll-sass-converter (>= 2.0, < 4.0)
      jekyll-watch (~> 2.0)
      kramdown (~> 2.3, >= 2.3.1)
      kramdown-parser-gfm (~> 1.0)
      liquid (~> 4.0)
      mercenary (>= 0.3.6, < 0.5)
      pathutil (~> 0.9)
      rouge (>= 3.0, < 5.0)
      safe_yaml (~> 1.0)
      terminal-table (>= 1.8, < 4.0)
      webrick (~> 1.7)
    jekyll-feed (0.17.0)
      jekyll (>= 3.7, < 5.0)
    jekyll-sass-converter (3.0.0)
      sass-embedded (~> 1.54)
    jekyll-seo-tag (2.8.0)
      jekyll (>= 3.8, < 5.0)
    jekyll-watch (2.2.1)
      listen (~> 3.0)
    kramdown (2.5.1)
      rexml (>= 3.3.9)
    kramdown-parser-gfm (1.1.0)
      kramdown (~> 2.0)
    liquid (4.0.4)
    listen (3.9.0)
      rb-fsevent (~> 0.10, >= 0.10.3)
      rb-inotify (~> 0.9, >= 0.9.10)
    mercenary (0.4.0)
    minima (2.5.2)
      jekyll (>= 3.5, < 5.0)
      jekyll-feed (~> 0.9)
      jekyll-seo-tag (~> 2.1)
    pathutil (0.16.2)
      forwardable-extended (~> 2.6)
    public_suffix (6.0.1)
    rake (13.2.1)
    rb-fsevent (0.11.2)
    rb-inotify (0.11.1)
      ffi (~> 1.0)
    rexml (3.4.0)
    rouge (4.5.1)
    safe_yaml (1.0.5)
    sass-embedded (1.83.0)
      google-protobuf (~> 4.28)
      rake (>= 13)
    sass-embedded (1.83.0-aarch64-linux-android)
      google-protobuf (~> 4.28)
    sass-embedded (1.83.0-aarch64-linux-gnu)
      google-protobuf (~> 4.28)
    sass-embedded (1.83.0-aarch64-linux-musl)
      google-protobuf (~> 4.28)
    sass-embedded (1.83.0-aarch64-mingw-ucrt)
      google-protobuf (~> 4.28)
    sass-embedded (1.83.0-arm-linux-androideabi)
      google-protobuf (~> 4.28)
    sass-embedded (1.83.0-arm-linux-gnueabihf)
      google-protobuf (~> 4.28)
    sass-embedded (1.83.0-arm-linux-musleabihf)
      google-protobuf (~> 4.28)
    sass-embedded (1.83.0-arm64-darwin)
      google-protobuf (~> 4.28)
    sass-embedded (1.83.0-riscv64-linux-android)
      google-protobuf (~> 4.28)
    sass-embedded (1.83.0-riscv64-linux-gnu)
      google-protobuf (~> 4.28)
    sass-embedded (1.83.0-riscv64-linux-musl)
      google-protobuf (~> 4.28)
    sass-embedded (1.83.0-x86-cygwin)
      google-protobuf (~> 4.28)
    sass-embedded (1.83.0-x86-linux-android)
      google-protobuf (~> 4.28)
    sass-embedded (1.83.0-x86-linux-gnu)
      google-protobuf (~> 4.28)
    sass-embedded (1.83.0-x86-linux-musl)
      google-protobuf (~> 4.28)
    sass-embedded (1.83.0-x86-mingw-ucrt)
      google-protobuf (~> 4.28)
    sass-embedded (1.83.0-x86_64-cygwin)
      google-protobuf (~> 4.28)
    sass-embedded (1.83.0-x86_64-darwin)
      google-protobuf (~> 4.28)
    sass-embedded (1.83.0-x86_64-linux-android)
      google-protobuf (~> 4.28)
    sass-embedded (1.83.0-x86_64-linux-gnu)
      google-protobuf (~> 4.28)
    sass-embedded (1.83.0-x86_64-linux-musl)
      google-protobuf (~> 4.28)
    terminal-table (3.0.2)
      unicode-display_width (>= 1.1.1, < 3)
    unicode-display_width (2.6.0)
    webrick (1.9.1)

PLATFORMS
  aarch64-linux
  aarch64-linux-android
  aarch64-linux-gnu
  aarch64-linux-musl
  aarch64-mingw-ucrt
  arm-linux-androideabi
  arm-linux-gnu
  arm-linux-gnueabihf
  arm-linux-musl
  arm-linux-musleabihf
  arm64-darwin
  riscv64-linux-android
  riscv64-linux-gnu
  riscv64-linux-musl
  ruby
  x86-cygwin
  x86-linux
  x86-linux-android
  x86-linux-gnu
  x86-linux-musl
  x86-mingw-ucrt
  x86_64-cygwin
  x86_64-darwin
  x86_64-linux
  x86_64-linux-android
  x86_64-linux-gnu
  x86_64-linux-musl

DEPENDENCIES
  http_parser.rb (~> 0.6.0)
  jekyll (~> 4.3.4)
  jekyll-feed (~> 0.12)
  minima (~> 2.5)
  tzinfo (>= 1, < 3)
  tzinfo-data
  wdm (~> 0.1)

CHECKSUMS
  addressable (2.8.7) sha256=462986537cf3735ab5f3c0f557f14155d778f4b43ea4f485a9deb9c8f7c58232
  bigdecimal (3.1.8) sha256=a89467ed5a44f8ae01824af49cbc575871fa078332e8f77ea425725c1ffe27be
  colorator (1.1.0) sha256=e2f85daf57af47d740db2a32191d1bdfb0f6503a0dfbc8327d0c9154d5ddfc38
  concurrent-ruby (1.3.4) sha256=d4aa926339b0a86b5b5054a0a8c580163e6f5dcbdfd0f4bb916b1a2570731c32
  em-websocket (0.5.3) sha256=f56a92bde4e6cb879256d58ee31f124181f68f8887bd14d53d5d9a292758c6a8
  eventmachine (1.2.7) sha256=994016e42aa041477ba9cff45cbe50de2047f25dd418eba003e84f0d16560972
  ffi (1.17.1) sha256=26f6b0dbd1101e6ffc09d3ca640b2a21840cc52731ad8a7ded9fb89e5fb0fc39
  ffi (1.17.1-aarch64-linux-gnu) sha256=c5d22cb545a3a691d46060f1343c461d1a8d38c3fd71b96b4cbbe6906bf1fd38
  ffi (1.17.1-aarch64-linux-musl) sha256=88b9d6ae905d21142df27c94bb300042c1aae41b67291885f600eaad16326b1d
  ffi (1.17.1-arm-linux-gnu) sha256=fe14f5ece94082f3b0e651a09008113281f2764e7ea95f522b64e2fe32e11504
  ffi (1.17.1-arm-linux-musl) sha256=df14927ca7bd9095148a7d1938bb762bbf189d190cf25d9547395ec7acc198a0
  ffi (1.17.1-arm64-darwin) sha256=a8e04f79d375742c54ee7f9fff4b4022b87200a4ec0eb082128d3b6559e67b4d
  ffi (1.17.1-x86-linux-gnu) sha256=01411c78cb3cff3c88cf67b2a7b24534e9b1638253d88581fef44c2083f6a174
  ffi (1.17.1-x86-linux-musl) sha256=02bcc7bbcff71e021ef05f43469f7c5074ab3422e415b287001bd890c9cbb1c6
  ffi (1.17.1-x86_64-darwin) sha256=0036199c290462dd7f03bc22933644c1685b7834a21788062bd5df48c72aa7a6
  ffi (1.17.1-x86_64-linux-gnu) sha256=8c0ade2a5d19f3672bccfe3b58e016ae5f159e3e2e741c856db87fcf07c903d0
  ffi (1.17.1-x86_64-linux-musl) sha256=3a343086820c96d6fbea4a5ef807fb69105b2b8174678f103b3db210c3f78401
  forwardable-extended (2.6.0) sha256=1bec948c469bbddfadeb3bd90eb8c85f6e627a412a3e852acfd7eaedbac3ec97
  google-protobuf (4.29.2) sha256=95cde89ad8e2d4006725430904a422462f0c2d7ddbdd4092d997441c978052f0
  google-protobuf (4.29.2-aarch64-linux) sha256=bca9ad4c89f3b583b022393ac423bb5783f8d1881ad74f05a377b0c0ad0e2522
  google-protobuf (4.29.2-arm64-darwin) sha256=66bd1a7fcf2b41701bedc2f68494aed5af83f63978fea202c58b3d16c8ce5a37
  google-protobuf (4.29.2-x86-linux) sha256=65b3f14670b245f074133a7a96a9367c305bef37c7fd70183d0a845307df704f
  google-protobuf (4.29.2-x86_64-darwin) sha256=b7b5636598fa75ce49bc090fd2bf1cac59feba80011958d1ee99cbe09e08e73c
  google-protobuf (4.29.2-x86_64-linux) sha256=5335a35189eadbcedf9fe15f1ca0ad01b1cb421c38492528d7d48715aacba8dc
  http_parser.rb (0.8.0) sha256=5a0932f1fa82ce08a8516a2685d5a86031c000560f89946913c555a0697544be
  i18n (1.14.6) sha256=dc229a74f5d181f09942dd60ab5d6e667f7392c4ee826f35096db36d1fe3614c
  jekyll (4.3.4) sha256=c488282c2819c392d34d3a3784eacde2cde4b61c8e3c9c9295f6c01fb1754404
  jekyll-feed (0.17.0) sha256=689aab16c877949bb9e7a5c436de6278318a51ecb974792232fd94d8b3acfcc3
  jekyll-sass-converter (3.0.0) sha256=e2e7674f186e906b9d99b8066e13f9b4d5cb9f806d36f7bc8cf2610053d8c902
  jekyll-seo-tag (2.8.0) sha256=3f2ed1916d56f14ebfa38e24acde9b7c946df70cb183af2cb5f0598f21ae6818
  jekyll-watch (2.2.1) sha256=bc44ed43f5e0a552836245a54dbff3ea7421ecc2856707e8a1ee203a8387a7e1
  kramdown (2.5.1) sha256=87bbb6abd9d3cebe4fc1f33e367c392b4500e6f8fa19dd61c0972cf4afe7368c
  kramdown-parser-gfm (1.1.0) sha256=fb39745516427d2988543bf01fc4cf0ab1149476382393e0e9c48592f6581729
  liquid (4.0.4) sha256=4fcfebb1a045e47918388dbb7a0925e7c3893e58d2bd6c3b3c73ec17a2d8fdb3
  listen (3.9.0) sha256=db9e4424e0e5834480385197c139cb6b0ae0ef28cc13310cfd1ca78377d59c67
  mercenary (0.4.0) sha256=b25a1e4a59adca88665e08e24acf0af30da5b5d859f7d8f38fba52c28f405138
  minima (2.5.2) sha256=9c434e3b7bc4a0f0ab488910438ed3757a0502ff1060d172f361907fc38aa45a
  pathutil (0.16.2) sha256=e43b74365631cab4f6d5e4228f812927efc9cb2c71e62976edcb252ee948d589
  public_suffix (6.0.1) sha256=61d44e1cab5cbbbe5b31068481cf16976dd0dc1b6b07bd95617ef8c5e3e00c6f
  rake (13.2.1) sha256=46cb38dae65d7d74b6020a4ac9d48afed8eb8149c040eccf0523bec91907059d
  rb-fsevent (0.11.2) sha256=43900b972e7301d6570f64b850a5aa67833ee7d87b458ee92805d56b7318aefe
  rb-inotify (0.11.1) sha256=a0a700441239b0ff18eb65e3866236cd78613d6b9f78fea1f9ac47a85e47be6e
  rexml (3.4.0) sha256=efbea1efba7fa151158e0ee1e643525834da2d8eb4cf744aa68f6480bc9804b2
  rouge (4.5.1) sha256=2ac81c6dee7019bbc6600d4c2d641d730d65c165941400ebd924259067e690dd
  safe_yaml (1.0.5) sha256=a6ac2d64b7eb027bdeeca1851fe7e7af0d668e133e8a88066a0c6f7087d9f848
  sass-embedded (1.83.0) sha256=0da4c3eb3422799e5734bcc15d8ff43d65154084a2720f18e05417a3720f0e93
  sass-embedded (1.83.0-aarch64-linux-android) sha256=1a7c862fb5e2cf97fb578a47ab914aba77180d89a523af43125c36f3a998d84b
  sass-embedded (1.83.0-aarch64-linux-gnu) sha256=439773d94f4f6f60088ecf776dbac6cc4342434039086a20cebc979c90761805
  sass-embedded (1.83.0-aarch64-linux-musl) sha256=7af805486ff46a5eb280cbab45a006d9b7e41a3c18110e9e4c8e7c70ad42f630
  sass-embedded (1.83.0-aarch64-mingw-ucrt) sha256=429deb2c8823e6dc3a6b7920663ccffa410032ad0f73ab4efcfcf34543bf8932
  sass-embedded (1.83.0-arm-linux-androideabi) sha256=a0c954b6fe4ebc283470bd3672cbd450e34f963442bcb0140a5f9d8112887ec3
  sass-embedded (1.83.0-arm-linux-gnueabihf) sha256=f05b5f2ab54fc009f98c7a28a21fd83080675718eb6b058197f32c1a87fd2972
  sass-embedded (1.83.0-arm-linux-musleabihf) sha256=a9ffdb0cc8140f4e9e8e26b2d15a17d55c5bad1b98d1d812a6d9d7df6cc3d9ee
  sass-embedded (1.83.0-arm64-darwin) sha256=f9bf292ae8ada5de0cd95984b3ad0482ba5eb28a073b7284646d5d4a2a8fdcb2
  sass-embedded (1.83.0-riscv64-linux-android) sha256=d8080f101e7bc548dc0cc5c43e7558ca81165495647bf3205ef86a63d988b6be
  sass-embedded (1.83.0-riscv64-linux-gnu) sha256=94fc6a41ea76f5dfce8728da53bc55604e47a12696d9ae8115f7beebf433f451
  sass-embedded (1.83.0-riscv64-linux-musl) sha256=c34c33422094be5d86178a68eed68db0a3d44b7dad8ac88e79d8c9167919d58c
  sass-embedded (1.83.0-x86-cygwin) sha256=ac3035f1492bdcb4ccce01e439d93826071982a0b4e951d6d03092272230ebdb
  sass-embedded (1.83.0-x86-linux-android) sha256=d6f718ffc561d18cb40d49680a3e49e20b58384042d1e8ee4c347670e42439c2
  sass-embedded (1.83.0-x86-linux-gnu) sha256=4956e98c2b06575cbc1acdb9185a7fbfc7d92d5be3cdc9fef85335000b44950a
  sass-embedded (1.83.0-x86-linux-musl) sha256=2a85026d12fe393df0330ac680cd470c830514bbfba1545c3734d867e0e282da
  sass-embedded (1.83.0-x86-mingw-ucrt) sha256=4e3b34154775d49957be87def6ff3f19f8014960d558c23c5f943a9e7c37bad9
  sass-embedded (1.83.0-x86_64-cygwin) sha256=870ed8061344bb1261fc1df259fa48304dc19ab07f0daecd3cd2c242605150d3
  sass-embedded (1.83.0-x86_64-darwin) sha256=bd29b524ceb7ecb72060d1a665e379974727f4da1d0f7a643ace8efc3b81162b
  sass-embedded (1.83.0-x86_64-linux-android) sha256=39c7a34bbc0a7b3e034f32f10288e0654c0e63447965e8b89c92a85a6feb8ab5
  sass-embedded (1.83.0-x86_64-linux-gnu) sha256=726f0942092bfad417b85b4c2c2d34f2f824482c0a9f647059b13450ad7e75d9
  sass-embedded (1.83.0-x86_64-linux-musl) sha256=7c371c51d8d6bf71744ad10f4a8a6c0fb41d49dd2a268049cf8cdcb424a870fc
  terminal-table (3.0.2) sha256=f951b6af5f3e00203fb290a669e0a85c5dd5b051b3b023392ccfd67ba5abae91
  unicode-display_width (2.6.0) sha256=12279874bba6d5e4d2728cef814b19197dbb10d7a7837a869bab65da943b7f5a
  webrick (1.9.1) sha256=b42d3c94f166f3fb73d87e9b359def9b5836c426fc8beacf38f2184a21b2a989

BUNDLED WITH
   2.6.2
