GEM
  remote: https://rubygems.org/
  specs:
    addressable (2.8.7)
      public_suffix (>= 2.0.2, < 7.0)
    base64 (0.3.0)
    bigdecimal (3.2.3)
    colorator (1.1.0)
    concurrent-ruby (1.3.5)
    csv (3.3.5)
    em-websocket (0.5.3)
      eventmachine (>= 0.12.9)
      http_parser.rb (~> 0)
    eventmachine (1.2.7)
    ffi (1.17.2)
    ffi (1.17.2-aarch64-linux-gnu)
    ffi (1.17.2-aarch64-linux-musl)
    ffi (1.17.2-arm-linux-gnu)
    ffi (1.17.2-arm-linux-musl)
    ffi (1.17.2-arm64-darwin)
    ffi (1.17.2-x86-linux-gnu)
    ffi (1.17.2-x86-linux-musl)
    ffi (1.17.2-x86_64-darwin)
    ffi (1.17.2-x86_64-linux-gnu)
    ffi (1.17.2-x86_64-linux-musl)
    forwardable-extended (2.6.0)
    google-protobuf (4.32.1)
      bigdecimal
      rake (>= 13)
    google-protobuf (4.32.1-aarch64-linux-gnu)
      bigdecimal
      rake (>= 13)
    google-protobuf (4.32.1-aarch64-linux-musl)
      bigdecimal
      rake (>= 13)
    google-protobuf (4.32.1-arm64-darwin)
      bigdecimal
      rake (>= 13)
    google-protobuf (4.32.1-x86-linux-gnu)
      bigdecimal
      rake (>= 13)
    google-protobuf (4.32.1-x86-linux-musl)
      bigdecimal
      rake (>= 13)
    google-protobuf (4.32.1-x86_64-darwin)
      bigdecimal
      rake (>= 13)
    google-protobuf (4.32.1-x86_64-linux-gnu)
      bigdecimal
      rake (>= 13)
    google-protobuf (4.32.1-x86_64-linux-musl)
      bigdecimal
      rake (>= 13)
    http_parser.rb (0.8.0)
    i18n (1.14.7)
      concurrent-ruby (~> 1.0)
    jekyll (4.4.1)
      addressable (~> 2.4)
      base64 (~> 0.2)
      colorator (~> 1.0)
      csv (~> 3.0)
      em-websocket (~> 0.5)
      i18n (~> 1.0)
      jekyll-sass-converter (>= 2.0, < 4.0)
      jekyll-watch (~> 2.0)
      json (~> 2.6)
      kramdown (~> 2.3, >= 2.3.1)
      kramdown-parser-gfm (~> 1.0)
      liquid (~> 4.0)
      mercenary (~> 0.3, >= 0.3.6)
      pathutil (~> 0.9)
      rouge (>= 3.0, < 5.0)
      safe_yaml (~> 1.0)
      terminal-table (>= 1.8, < 4.0)
      webrick (~> 1.7)
    jekyll-feed (0.17.0)
      jekyll (>= 3.7, < 5.0)
    jekyll-sass-converter (3.1.0)
      sass-embedded (~> 1.75)
    jekyll-seo-tag (2.8.0)
      jekyll (>= 3.8, < 5.0)
    jekyll-watch (2.2.1)
      listen (~> 3.0)
    json (2.15.0)
    kramdown (2.5.1)
      rexml (>= 3.3.9)
    kramdown-parser-gfm (1.1.0)
      kramdown (~> 2.0)
    liquid (4.0.4)
    listen (3.9.0)
      rb-fsevent (~> 0.10, >= 0.10.3)
      rb-inotify (~> 0.9, >= 0.9.10)
    logger (1.7.0)
    mercenary (0.4.0)
    minima (2.5.2)
      jekyll (>= 3.5, < 5.0)
      jekyll-feed (~> 0.9)
      jekyll-seo-tag (~> 2.1)
    pathutil (0.16.2)
      forwardable-extended (~> 2.6)
    public_suffix (6.0.2)
    rake (13.3.0)
    rb-fsevent (0.11.2)
    rb-inotify (0.11.1)
      ffi (~> 1.0)
    rexml (3.4.4)
    rouge (4.6.1)
    safe_yaml (1.0.5)
    sass-embedded (1.93.2)
      google-protobuf (~> 4.31)
      rake (>= 13)
    sass-embedded (1.93.2-aarch64-linux-android)
      google-protobuf (~> 4.31)
    sass-embedded (1.93.2-aarch64-linux-gnu)
      google-protobuf (~> 4.31)
    sass-embedded (1.93.2-aarch64-linux-musl)
      google-protobuf (~> 4.31)
    sass-embedded (1.93.2-aarch64-mingw-ucrt)
      google-protobuf (~> 4.31)
    sass-embedded (1.93.2-arm-linux-androideabi)
      google-protobuf (~> 4.31)
    sass-embedded (1.93.2-arm-linux-gnueabihf)
      google-protobuf (~> 4.31)
    sass-embedded (1.93.2-arm-linux-musleabihf)
      google-protobuf (~> 4.31)
    sass-embedded (1.93.2-arm64-darwin)
      google-protobuf (~> 4.31)
    sass-embedded (1.93.2-riscv64-linux-android)
      google-protobuf (~> 4.31)
    sass-embedded (1.93.2-riscv64-linux-gnu)
      google-protobuf (~> 4.31)
    sass-embedded (1.93.2-riscv64-linux-musl)
      google-protobuf (~> 4.31)
    sass-embedded (1.93.2-x86_64-darwin)
      google-protobuf (~> 4.31)
    sass-embedded (1.93.2-x86_64-linux-android)
      google-protobuf (~> 4.31)
    sass-embedded (1.93.2-x86_64-linux-gnu)
      google-protobuf (~> 4.31)
    sass-embedded (1.93.2-x86_64-linux-musl)
      google-protobuf (~> 4.31)
    terminal-table (3.0.2)
      unicode-display_width (>= 1.1.1, < 3)
    tzinfo (2.0.6)
      concurrent-ruby (~> 1.0)
    tzinfo-data (1.2025.2)
      tzinfo (>= 1.0.0)
    unicode-display_width (2.6.0)
    wdm (0.2.0)
    webrick (1.9.1)

PLATFORMS
  aarch64-linux
  aarch64-linux-android
  aarch64-linux-gnu
  aarch64-linux-musl
  aarch64-mingw-ucrt
  arm-linux-androideabi
  arm-linux-gnu
  arm-linux-gnueabihf
  arm-linux-musl
  arm-linux-musleabihf
  arm64-darwin
  riscv64-linux-android
  riscv64-linux-gnu
  riscv64-linux-musl
  ruby
  x86-cygwin
  x86-linux
  x86-linux-android
  x86-linux-gnu
  x86-linux-musl
  x86-mingw-ucrt
  x86_64-cygwin
  x86_64-darwin
  x86_64-linux
  x86_64-linux-android
  x86_64-linux-gnu
  x86_64-linux-musl

DEPENDENCIES
  http_parser.rb (~> 0.6.0)
  jekyll (~> 4.4.1)
  jekyll-feed (~> 0.12)
  logger
  minima (~> 2.5)
  tzinfo (>= 1, < 3)
  tzinfo-data
  wdm (~> 0.1)

CHECKSUMS
  addressable (2.8.7) sha256=462986537cf3735ab5f3c0f557f14155d778f4b43ea4f485a9deb9c8f7c58232
  base64 (0.3.0) sha256=27337aeabad6ffae05c265c450490628ef3ebd4b67be58257393227588f5a97b
  bigdecimal (3.2.3) sha256=ffd11d1ac67a0d3b2f44aec0a6487210b3f813f363dd11f1fcccf5ba00da4e1b
  colorator (1.1.0) sha256=e2f85daf57af47d740db2a32191d1bdfb0f6503a0dfbc8327d0c9154d5ddfc38
  concurrent-ruby (1.3.5) sha256=813b3e37aca6df2a21a3b9f1d497f8cbab24a2b94cab325bffe65ee0f6cbebc6
  csv (3.3.5) sha256=6e5134ac3383ef728b7f02725d9872934f523cb40b961479f69cf3afa6c8e73f
  em-websocket (0.5.3) sha256=f56a92bde4e6cb879256d58ee31f124181f68f8887bd14d53d5d9a292758c6a8
  eventmachine (1.2.7) sha256=994016e42aa041477ba9cff45cbe50de2047f25dd418eba003e84f0d16560972
  ffi (1.17.2) sha256=297235842e5947cc3036ebe64077584bff583cd7a4e94e9a02fdec399ef46da6
  ffi (1.17.2-aarch64-linux-gnu) sha256=c910bd3cae70b76690418cce4572b7f6c208d271f323d692a067d59116211a1a
  ffi (1.17.2-aarch64-linux-musl) sha256=69e6556b091d45df83e6c3b19d3c54177c206910965155a6ec98de5e893c7b7c
  ffi (1.17.2-arm-linux-gnu) sha256=d4a438f2b40224ae42ec72f293b3ebe0ba2159f7d1bd47f8417e6af2f68dbaa5
  ffi (1.17.2-arm-linux-musl) sha256=977dfb7f3a6381206dbda9bc441d9e1f9366bf189a634559c3b7c182c497aaa3
  ffi (1.17.2-arm64-darwin) sha256=54dd9789be1d30157782b8de42d8f887a3c3c345293b57ffb6b45b4d1165f813
  ffi (1.17.2-x86-linux-gnu) sha256=95d8f9ebea23c39888e2ab85a02c98f54acb2f4e79b829250d7267ce741dc7b0
  ffi (1.17.2-x86-linux-musl) sha256=41741449bab2b9530f42a47baa5c26263925306fad0ac2d60887f51af2e3b24c
  ffi (1.17.2-x86_64-darwin) sha256=981f2d4e32ea03712beb26e55e972797c2c5a7b0257955d8667ba58f2da6440e
  ffi (1.17.2-x86_64-linux-gnu) sha256=05d2026fc9dbb7cfd21a5934559f16293815b7ce0314846fee2ac8efbdb823ea
  ffi (1.17.2-x86_64-linux-musl) sha256=97c0eb3981414309285a64dc4d466bd149e981c279a56371ef811395d68cb95c
  forwardable-extended (2.6.0) sha256=1bec948c469bbddfadeb3bd90eb8c85f6e627a412a3e852acfd7eaedbac3ec97
  google-protobuf (4.32.1) sha256=d9ec3f52a283802055647af5d824dcdfe0a791c6ecbad6a514442f40759015e7
  google-protobuf (4.32.1-aarch64-linux-gnu) sha256=b2254c50085b86a0395b2adea11d9742fe703a135b67689991dcc03a1c9bc179
  google-protobuf (4.32.1-aarch64-linux-musl) sha256=a9cdae8e14ccb781b40efb996ec7ca151fe8521c46cfd40e2b05d62867ab555c
  google-protobuf (4.32.1-arm64-darwin) sha256=ef2b6c138847f03af94eeed58ee8aaf00263dd66490ec659202c06dc3b2f0c29
  google-protobuf (4.32.1-x86-linux-gnu) sha256=f8509ecd53e2e494222105a2ebf451ab5ac9f4d014ccd7c8c81699984f3295c2
  google-protobuf (4.32.1-x86-linux-musl) sha256=3214d6025b4e4a995233c6500e38f954dfddffc985bb59d3cfe144d0b965fc00
  google-protobuf (4.32.1-x86_64-darwin) sha256=2e1fe608d8bbd09514258d84e2a281178214473f95f248ab82e0553c5ab6a8a3
  google-protobuf (4.32.1-x86_64-linux-gnu) sha256=2d209c1980dbdeb4114c7d839a3305fb78dc90bde42fb9a22974c8a4841e0263
  google-protobuf (4.32.1-x86_64-linux-musl) sha256=d5314aea8817bd372177205667b4f4442a5884212bcaccb1ba569ec8a1a06ec4
  http_parser.rb (0.8.0) sha256=5a0932f1fa82ce08a8516a2685d5a86031c000560f89946913c555a0697544be
  i18n (1.14.7) sha256=ceba573f8138ff2c0915427f1fc5bdf4aa3ab8ae88c8ce255eb3ecf0a11a5d0f
  jekyll (4.4.1) sha256=4c1144d857a5b2b80d45b8cf5138289579a9f8136aadfa6dd684b31fe2bc18c1
  jekyll-feed (0.17.0) sha256=689aab16c877949bb9e7a5c436de6278318a51ecb974792232fd94d8b3acfcc3
  jekyll-sass-converter (3.1.0) sha256=83925d84f1d134410c11d0c6643b0093e82e3a3cf127e90757a85294a3862443
  jekyll-seo-tag (2.8.0) sha256=3f2ed1916d56f14ebfa38e24acde9b7c946df70cb183af2cb5f0598f21ae6818
  jekyll-watch (2.2.1) sha256=bc44ed43f5e0a552836245a54dbff3ea7421ecc2856707e8a1ee203a8387a7e1
  json (2.15.0) sha256=bc24d490a1d81bcbf6b45ee5c02695545d4ed37f679cee879b789a2bbb53ad5c
  kramdown (2.5.1) sha256=87bbb6abd9d3cebe4fc1f33e367c392b4500e6f8fa19dd61c0972cf4afe7368c
  kramdown-parser-gfm (1.1.0) sha256=fb39745516427d2988543bf01fc4cf0ab1149476382393e0e9c48592f6581729
  liquid (4.0.4) sha256=4fcfebb1a045e47918388dbb7a0925e7c3893e58d2bd6c3b3c73ec17a2d8fdb3
  listen (3.9.0) sha256=db9e4424e0e5834480385197c139cb6b0ae0ef28cc13310cfd1ca78377d59c67
  logger (1.7.0) sha256=196edec7cc44b66cfb40f9755ce11b392f21f7967696af15d274dde7edff0203
  mercenary (0.4.0) sha256=b25a1e4a59adca88665e08e24acf0af30da5b5d859f7d8f38fba52c28f405138
  minima (2.5.2) sha256=9c434e3b7bc4a0f0ab488910438ed3757a0502ff1060d172f361907fc38aa45a
  pathutil (0.16.2) sha256=e43b74365631cab4f6d5e4228f812927efc9cb2c71e62976edcb252ee948d589
  public_suffix (6.0.2) sha256=bfa7cd5108066f8c9602e0d6d4114999a5df5839a63149d3e8b0f9c1d3558394
  rake (13.3.0) sha256=96f5092d786ff412c62fde76f793cc0541bd84d2eb579caa529aa8a059934493
  rb-fsevent (0.11.2) sha256=43900b972e7301d6570f64b850a5aa67833ee7d87b458ee92805d56b7318aefe
  rb-inotify (0.11.1) sha256=a0a700441239b0ff18eb65e3866236cd78613d6b9f78fea1f9ac47a85e47be6e
  rexml (3.4.4) sha256=19e0a2c3425dfbf2d4fc1189747bdb2f849b6c5e74180401b15734bc97b5d142
  rouge (4.6.1) sha256=5075346d5797d6864be93f7adc75a16047a7dbfa572c63c502419ffa582c77de
  safe_yaml (1.0.5) sha256=a6ac2d64b7eb027bdeeca1851fe7e7af0d668e133e8a88066a0c6f7087d9f848
  sass-embedded (1.93.2) sha256=b45c7d6eb07f7a92bb921106711efb4f51e74208913db9ed37770ae9887d21be
  sass-embedded (1.93.2-aarch64-linux-android) sha256=a56115e2c0c7b4befa38925169abd0ad363c0fdeed1fdb56014f37615136925e
  sass-embedded (1.93.2-aarch64-linux-gnu) sha256=b6471e0f65e0fb59a757a04c10051e698af7d78f997ea9b6dbc3d65e0c4df62b
  sass-embedded (1.93.2-aarch64-linux-musl) sha256=ed3a108a0a01388ee5b8618cf4243cc3155bbd75ed0f2418f1276f82cf999e9a
  sass-embedded (1.93.2-aarch64-mingw-ucrt) sha256=eeffe45e39fa446ef96a784d788503681c426d0195e56d21433c26def9572732
  sass-embedded (1.93.2-arm-linux-androideabi) sha256=96943ea73f19316bbc11b2f88f2c4ef07194ff07cda6c368feac16b20146ffc3
  sass-embedded (1.93.2-arm-linux-gnueabihf) sha256=cb9891b53ca77dcf4908b6b3efecb81a8d70a95ac5bc512097edbce250d7b9a4
  sass-embedded (1.93.2-arm-linux-musleabihf) sha256=27913d2cac4ba6db43c9ab85e813828d5085582b7728abb505d12a49bedc433d
  sass-embedded (1.93.2-arm64-darwin) sha256=d26b0a0aea6b28a08a2ab8ee9ce903e68d74c637c7992975cf9408e82d88be2a
  sass-embedded (1.93.2-riscv64-linux-android) sha256=16d73447d1638d87e58bb310b9f92796e4d3e56569544379800183bba0f26d12
  sass-embedded (1.93.2-riscv64-linux-gnu) sha256=10af7e36028ee796dc5b21382faf2675f305bbf4da241ac305e5919e0464b7d5
  sass-embedded (1.93.2-riscv64-linux-musl) sha256=245bb94c1ea8f82e86aac802c5c929d280905c795000d7ee0e3f89fbf785b859
  sass-embedded (1.93.2-x86_64-darwin) sha256=87d5acb7600daa6c6e93e2bb74db9701debb8317d40c9faeba4ae88a589ec7cd
  sass-embedded (1.93.2-x86_64-linux-android) sha256=c671b420de9c475c9efd7fd3e7db80641dbc674eabc24c604aa8caba5edf6ca7
  sass-embedded (1.93.2-x86_64-linux-gnu) sha256=5b7767c5f2e7ae2b1a6b0411ec64293cc694cea94b07de61bd088a72a3ecd7aa
  sass-embedded (1.93.2-x86_64-linux-musl) sha256=c3c43c65566c9b33f6bdee1167999487a61e9e215a40943856256826e4c17a87
  terminal-table (3.0.2) sha256=f951b6af5f3e00203fb290a669e0a85c5dd5b051b3b023392ccfd67ba5abae91
  tzinfo (2.0.6) sha256=8daf828cc77bcf7d63b0e3bdb6caa47e2272dcfaf4fbfe46f8c3a9df087a829b
  tzinfo-data (1.2025.2) sha256=a92375a1fbb47d38fe88fd514c40a38cc8f97d168da2a6479f15185e86470939
  unicode-display_width (2.6.0) sha256=12279874bba6d5e4d2728cef814b19197dbb10d7a7837a869bab65da943b7f5a
  wdm (0.2.0) sha256=c46d9dcb6d375199ca07465bc67669ee8f041aeaa55dd7dafe6de4dd97b27647
  webrick (1.9.1) sha256=b42d3c94f166f3fb73d87e9b359def9b5836c426fc8beacf38f2184a21b2a989

BUNDLED WITH
   2.6.5
